PATH
  remote: .
  specs:
    hexagon (0.1.0.pre.alpha)

GEM
  remote: https://rubygems.org/
  specs:
    atk (3.3.0)
      glib2 (= 3.3.0)
    cairo (1.16.2)
      native-package-installer (>= 1.0.3)
      pkg-config (>= 1.2.2)
    cairo-gobject (3.3.0)
      cairo (>= 1.16.1)
      glib2 (= 3.3.0)
    diff-lcs (1.3)
    gdk_pixbuf2 (3.3.0)
      gio2 (= 3.3.0)
    gio2 (3.3.0)
      glib2 (= 3.3.0)
      gobject-introspection (= 3.3.0)
    glib2 (3.3.0)
      native-package-installer (>= 1.0.3)
      pkg-config (>= 1.2.2)
    gobject-introspection (3.3.0)
      glib2 (= 3.3.0)
    gosu (0.14.4)
    gtk2 (3.3.0)
      atk (= 3.3.0)
      gdk_pixbuf2 (= 3.3.0)
      pango (= 3.3.0)
    native-package-installer (1.0.6)
    opengl (0.10.0)
    pango (3.3.0)
      cairo-gobject (= 3.3.0)
      gobject-introspection (= 3.3.0)
    pkg-config (1.3.2)
    rake (10.5.0)
    rspec (3.8.0)
      rspec-core (~> 3.8.0)
      rspec-expectations (~> 3.8.0)
      rspec-mocks (~> 3.8.0)
    rspec-core (3.8.0)
      rspec-support (~> 3.8.0)
    rspec-expectations (3.8.2)
      diff-lcs (>= 1.2.0, < 2.0)
      rspec-support (~> 3.8.0)
    rspec-mocks (3.8.0)
      diff-lcs (>= 1.2.0, < 2.0)
      rspec-support (~> 3.8.0)
    rspec-support (3.8.0)

PLATFORMS
  ruby

DEPENDENCIES
  bundler (~> 1.17)
  gosu
  gtk2
  hexagon!
  opengl
  rake (~> 10.0)
  rspec (~> 3.0)

BUNDLED WITH
   1.17.1
